GEM
  remote: http://rubygems.org/
  specs:
    debase (0.1.8)
      debase-ruby_core_source
    debase-ruby_core_source (0.7.9)
    rack (1.6.4)
    rack-protection (1.5.3)
      rack
    sinatra (1.4.6)
      rack (~> 1.4)
      rack-protection (~> 1.4)
      tilt (>= 1.3, < 3)
    tilt (2.0.1)

PLATFORMS
  x86-mingw32

DEPENDENCIES
  debase (~> 0.1.4)
  sinatra (~> 1.4.6)
